GEM
  remote: https://rubygems.org/
  specs:
    actioncable (6.1.0)
      actionpack (= 6.1.0)
      activesupport (= 6.1.0)
      nio4r (~> 2.0)
      websocket-driver (>= 0.6.1)
    actionmailbox (6.1.0)
      actionpack (= 6.1.0)
      activejob (= 6.1.0)
      activerecord (= 6.1.0)
      activestorage (= 6.1.0)
      activesupport (= 6.1.0)
      mail (>= 2.7.1)
    actionmailer (6.1.0)
      actionpack (= 6.1.0)
      actionview (= 6.1.0)
      activejob (= 6.1.0)
      activesupport (= 6.1.0)
      mail (~> 2.5, >= 2.5.4)
      rails-dom-testing (~> 2.0)
    actionpack (6.1.0)
      actionview (= 6.1.0)
      activesupport (= 6.1.0)
      rack (~> 2.0, >= 2.0.9)
      rack-test (>= 0.6.3)
      rails-dom-testing (~> 2.0)
      rails-html-sanitizer (~> 1.0, >= 1.2.0)
    actiontext (6.1.0)
      actionpack (= 6.1.0)
      activerecord (= 6.1.0)
      activestorage (= 6.1.0)
      activesupport (= 6.1.0)
      nokogiri (>= 1.8.5)
    actionview (6.1.0)
      activesupport (= 6.1.0)
      builder (~> 3.1)
      erubi (~> 1.4)
      rails-dom-testing (~> 2.0)
      rails-html-sanitizer (~> 1.1, >= 1.2.0)
    activejob (6.1.0)
      activesupport (= 6.1.0)
      globalid (>= 0.3.6)
    activemodel (6.1.0)
      activesupport (= 6.1.0)
    activerecord (6.1.0)
      activemodel (= 6.1.0)
      activesupport (= 6.1.0)
    activestorage (6.1.0)
      actionpack (= 6.1.0)
      activejob (= 6.1.0)
      activerecord (= 6.1.0)
      activesupport (= 6.1.0)
      marcel (~> 0.3.1)
      mimemagic (~> 0.3.2)
    activesupport (6.1.0)
      concurrent-ruby (~> 1.0, >= 1.0.2)
      i18n (>= 1.6, < 2)
      minitest (>= 5.1)
      tzinfo (~> 2.0)
      zeitwerk (~> 2.3)
    addressable (2.7.0)
      public_suffix (>= 2.0.2, < 5.0)
    airbrussh (1.4.0)
      sshkit (>= 1.6.1, != 1.7.0)
    aws-eventstream (1.1.0)
    aws-partitions (1.402.0)
    aws-sdk-core (3.110.0)
      aws-eventstream (~> 1, >= 1.0.2)
      aws-partitions (~> 1, >= 1.239.0)
      aws-sigv4 (~> 1.1)
      jmespath (~> 1.0)
    aws-sdk-kms (1.39.0)
      aws-sdk-core (~> 3, >= 3.109.0)
      aws-sigv4 (~> 1.1)
    aws-sdk-s3 (1.86.0)
      aws-sdk-core (~> 3, >= 3.109.0)
      aws-sdk-kms (~> 1)
      aws-sigv4 (~> 1.1)
    aws-sigv4 (1.2.2)
      aws-eventstream (~> 1, >= 1.0.2)
    bcrypt (3.1.16)
    bootsnap (1.5.1)
      msgpack (~> 1.0)
    builder (3.2.4)
    byebug (11.1.3)
    capistrano (3.14.1)
      airbrussh (>= 1.0.0)
      i18n
      rake (>= 10.0.0)
      sshkit (>= 1.9.0)
    capistrano-bundler (2.0.1)
      capistrano (~> 3.1)
    capistrano-rails (1.6.1)
      capistrano (~> 3.1)
      capistrano-bundler (>= 1.1, < 3)
    capistrano-rvm (0.1.2)
      capistrano (~> 3.0)
      sshkit (~> 1.2)
    capistrano3-puma (3.1.1)
      capistrano (~> 3.7)
      capistrano-bundler
      puma (~> 3.4)
    concurrent-ruby (1.1.7)
    crass (1.0.6)
    database_cleaner (1.8.5)
    diff-lcs (1.4.4)
    erubi (1.10.0)
    factory_bot (4.11.1)
      activesupport (>= 3.0.0)
    factory_bot_rails (4.11.1)
      factory_bot (~> 4.11.1)
      railties (>= 3.0.0)
    faker (2.12.0)
      i18n (>= 1.6, < 2)
    ffi (1.13.1)
    globalid (0.4.2)
      activesupport (>= 4.2.0)
    i18n (1.8.5)
      concurrent-ruby (~> 1.0)
    jmespath (1.4.0)
    jwt (2.2.2)
    launchy (2.5.0)
      addressable (~> 2.7)
    letter_opener (1.7.0)
      launchy (~> 2.2)
    listen (3.1.5)
      rb-fsevent (~> 0.9, >= 0.9.4)
      rb-inotify (~> 0.9, >= 0.9.7)
      ruby_dep (~> 1.2)
    loofah (2.8.0)
      crass (~> 1.0.2)
      nokogiri (>= 1.5.9)
    mail (2.7.1)
      mini_mime (>= 0.1.1)
    marcel (0.3.3)
      mimemagic (~> 0.3.2)
    method_source (1.0.0)
    mimemagic (0.3.10)
      nokogiri (~> 1)
      rake
    mini_mime (1.0.2)
    mini_portile2 (2.5.1)
    minitest (5.14.2)
    msgpack (1.3.3)
    net-scp (3.0.0)
      net-ssh (>= 2.6.5, < 7.0.0)
    net-ssh (6.1.0)
    nio4r (2.5.4)
    nokogiri (1.11.4)
      mini_portile2 (~> 2.5.0)
      racc (~> 1.4)
    pg (1.2.3)
    public_suffix (4.0.6)
    puma (3.12.6)
    racc (1.5.2)
    rack (2.2.3)
    rack-cors (1.1.1)
      rack (>= 2.0.0)
    rack-test (1.1.0)
      rack (>= 1.0, < 3)
    rails (6.1.0)
      actioncable (= 6.1.0)
      actionmailbox (= 6.1.0)
      actionmailer (= 6.1.0)
      actionpack (= 6.1.0)
      actiontext (= 6.1.0)
      actionview (= 6.1.0)
      activejob (= 6.1.0)
      activemodel (= 6.1.0)
      activerecord (= 6.1.0)
      activestorage (= 6.1.0)
      activesupport (= 6.1.0)
      bundler (>= 1.15.0)
      railties (= 6.1.0)
      sprockets-rails (>= 2.0.0)
    rails-dom-testing (2.0.3)
      activesupport (>= 4.2.0)
      nokogiri (>= 1.6)
    rails-html-sanitizer (1.3.0)
      loofah (~> 2.3)
    railties (6.1.0)
      actionpack (= 6.1.0)
      activesupport (= 6.1.0)
      method_source
      rake (>= 0.8.7)
      thor (~> 1.0)
    rake (13.0.1)
    rb-fsevent (0.10.4)
    rb-inotify (0.10.1)
      ffi (~> 1.0)
    rspec-core (3.10.0)
      rspec-support (~> 3.10.0)
    rspec-expectations (3.10.0)
      diff-lcs (>= 1.2.0, < 2.0)
      rspec-support (~> 3.10.0)
    rspec-mocks (3.10.0)
      diff-lcs (>= 1.2.0, < 2.0)
      rspec-support (~> 3.10.0)
    rspec-rails (4.0.1)
      actionpack (>= 4.2)
      activesupport (>= 4.2)
      railties (>= 4.2)
      rspec-core (~> 3.9)
      rspec-expectations (~> 3.9)
      rspec-mocks (~> 3.9)
      rspec-support (~> 3.9)
    rspec-support (3.10.0)
    ruby_dep (1.5.0)
    shoulda-matchers (3.1.3)
      activesupport (>= 4.0.0)
    spring (2.1.1)
    spring-watcher-listen (2.0.1)
      listen (>= 2.7, < 4.0)
      spring (>= 1.2, < 3.0)
    sprockets (4.0.2)
      concurrent-ruby (~> 1.0)
      rack (> 1, < 3)
    sprockets-rails (3.2.2)
      actionpack (>= 4.0)
      activesupport (>= 4.0)
      sprockets (>= 3.0.0)
    sqlite3 (1.4.2)
    sshkit (1.21.1)
      net-scp (>= 1.1.2)
      net-ssh (>= 2.8.0)
    thor (1.0.1)
    tzinfo (2.0.3)
      concurrent-ruby (~> 1.0)
    websocket-driver (0.7.3)
      websocket-extensions (>= 0.1.0)
    websocket-extensions (0.1.5)
    zeitwerk (2.4.2)

PLATFORMS
  ruby

DEPENDENCIES
  aws-sdk-s3
  bcrypt (~> 3.1.7)
  bootsnap (>= 1.1.0)
  byebug
  capistrano
  capistrano-bundler
  capistrano-rails
  capistrano-rvm
  capistrano3-puma
  database_cleaner
  factory_bot_rails (~> 4.0)
  faker
  jwt
  letter_opener
  listen (>= 3.0.5, < 3.2)
  pg (>= 0.18, < 2.0)
  puma (~> 3.12)
  rack-cors
  rails (~> 6.0)
  rspec-rails
  shoulda-matchers (~> 3.1)
  spring
  spring-watcher-listen (~> 2.0.0)
  sqlite3
  tzinfo-data

RUBY VERSION
   ruby 2.7.2p137

BUNDLED WITH
   2.1.4
